GEM
  remote: https://rubygems.org/
  specs:
    iniparse (1.5.0)
    slop (4.10.1)

PLATFORMS
  x86_64-linux-gnu

DEPENDENCIES
  iniparse (= 1.5.0)
  slop (= 4.10.1)

BUNDLED WITH
   2.5.0.dev
